GIT
  remote: git://github.com/petlove/aws-sns-configurator.git
  revision: 724420a0d906111f3936340f8f59f0723bb69274
  specs:
    aws-sns-configurator (0.1.0)
      aws-sdk-sns (>= 1.18.0)
      ruby-utils (>= 0.1.0)

GIT
  remote: git://github.com/petlove/aws-sqs-configurator.git
  revision: 7dcab2d0d05058916196b70a6a3f7b9248b507ef
  specs:
    aws-sqs-configurator (0.1.0)
      aws-sdk-sqs (~> 1.18.0)
      aws-sns-configurator (~> 0.1.0)
      ruby-utils (>= 0.1.0)

GIT
  remote: git://github.com/petlove/ruby-utils.git
  revision: 071d72b2d25bdd52d35a484537548729284dd332
  specs:
    ruby-utils (0.1.0)

PATH
  remote: .
  specs:
    turtle (0.1.0)
      aws-sdk-sns (>= 1.18.0)
      honeybadger (~> 4.0)
      ruby-utils (>= 0.1.0)

GEM
  remote: https://rubygems.org/
  specs:
    activesupport (5.2.3)
      concurrent-ruby (~> 1.0, >= 1.0.2)
      i18n (>= 0.7, < 2)
      minitest (~> 5.1)
      tzinfo (~> 1.1)
    ansi (1.5.0)
    ast (2.4.0)
    aws-eventstream (1.0.3)
    aws-partitions (1.188.0)
    aws-sdk-core (3.59.0)
      aws-eventstream (~> 1.0, >= 1.0.2)
      aws-partitions (~> 1.0)
      aws-sigv4 (~> 1.1)
      jmespath (~> 1.0)
    aws-sdk-sns (1.18.0)
      aws-sdk-core (~> 3, >= 3.58.0)
      aws-sigv4 (~> 1.1)
    aws-sdk-sqs (1.18.0)
      aws-sdk-core (~> 3, >= 3.58.0)
      aws-sigv4 (~> 1.1)
    aws-sigv4 (1.1.0)
      aws-eventstream (~> 1.0, >= 1.0.2)
    coderay (1.1.2)
    colorize (0.8.1)
    concurrent-ruby (1.1.5)
    diff-lcs (1.3)
    docile (1.3.2)
    factory_bot (4.11.1)
      activesupport (>= 3.0.0)
    honeybadger (4.3.1)
    i18n (1.5.1)
      concurrent-ruby (~> 1.0)
    jaro_winkler (1.5.3)
    jmespath (1.4.0)
    json (2.2.0)
    method_source (0.9.2)
    minitest (5.11.3)
    parallel (1.17.0)
    parser (2.6.3.0)
      ast (~> 2.4.0)
    pry (0.12.2)
      coderay (~> 1.1.0)
      method_source (~> 0.9.0)
    rainbow (3.0.0)
    rake (10.5.0)
    rspec (3.8.0)
      rspec-core (~> 3.8.0)
      rspec-expectations (~> 3.8.0)
      rspec-mocks (~> 3.8.0)
    rspec-core (3.8.2)
      rspec-support (~> 3.8.0)
    rspec-expectations (3.8.4)
      diff-lcs (>= 1.2.0, < 2.0)
      rspec-support (~> 3.8.0)
    rspec-mocks (3.8.1)
      diff-lcs (>= 1.2.0, < 2.0)
      rspec-support (~> 3.8.0)
    rspec-support (3.8.2)
    rubocop (0.68.1)
      jaro_winkler (~> 1.5.1)
      parallel (~> 1.10)
      parser (>= 2.5, != 2.5.1.1)
      rainbow (>= 2.2.2, < 4.0)
      ruby-progressbar (~> 1.7)
      unicode-display_width (>= 1.4.0, < 1.6)
    rubocop-performance (1.2.0)
      rubocop (>= 0.68.0)
    ruby-progressbar (1.10.1)
    simplecov (0.17.0)
      docile (~> 1.1)
      json (>= 1.8, < 3)
      simplecov-html (~> 0.10.0)
    simplecov-console (0.5.0)
      ansi
      simplecov
      terminal-table
    simplecov-html (0.10.2)
    simplecov-summary (0.0.5)
      colorize
      simplecov
    terminal-table (1.8.0)
      unicode-display_width (~> 1.1, >= 1.1.1)
    thread_safe (0.3.6)
    tzinfo (1.2.5)
      thread_safe (~> 0.1)
    unicode-display_width (1.5.0)

PLATFORMS
  ruby

DEPENDENCIES
  aws-sns-configurator!
  aws-sqs-configurator!
  bundler (~> 1.17.3)
  factory_bot
  honeybadger (~> 4.0)
  pry
  rake (~> 10.0)
  rspec
  rubocop
  rubocop-performance
  ruby-utils!
  simplecov
  simplecov-console
  simplecov-summary
  turtle!

BUNDLED WITH
   1.17.3
